PATH
  remote: .
  specs:
    liquid-validations (1.1.1)
      activerecord
      liquid (~> 2.4.1)

GEM
  remote: https://rubygems.org/
  specs:
    activemodel (3.2.12)
      activesupport (= 3.2.12)
      builder (~> 3.0.0)
    activerecord (3.2.12)
      activemodel (= 3.2.12)
      activesupport (= 3.2.12)
      arel (~> 3.0.2)
      tzinfo (~> 0.3.29)
    activesupport (3.2.12)
      i18n (~> 0.6)
      multi_json (~> 1.0)
    arel (3.0.2)
    builder (3.0.4)
    i18n (0.6.4)
    liquid (2.4.1)
    minitest (4.6.2)
    multi_json (1.6.1)
    rake (10.0.3)
    sqlite3 (1.3.7)
    tzinfo (0.3.37)

PLATFORMS
  ruby
  x64-mingw-ucrt

DEPENDENCIES
  liquid-validations!
  minitest
  rake
  sqlite3

BUNDLED WITH
   2.4.13
