PATH
  remote: .
  specs:
    liquid-validations (1.1.2)
      activerecord
      liquid

GEM
  remote: https://rubygems.org/
  specs:
    activemodel (7.0.6)
      activesupport (= 7.0.6)
    activerecord (7.0.6)
      activemodel (= 7.0.6)
      activesupport (= 7.0.6)
    activesupport (7.0.6)
      concurrent-ruby (~> 1.0, >= 1.0.2)
      i18n (>= 1.6, < 2)
      minitest (>= 5.1)
      tzinfo (~> 2.0)
    concurrent-ruby (1.2.2)
    i18n (1.14.1)
      concurrent-ruby (~> 1.0)
    liquid (5.4.0)
    minitest (5.18.1)
    rake (13.0.6)
    sqlite3 (1.6.3-arm64-darwin)
    tzinfo (2.0.6)
      concurrent-ruby (~> 1.0)

PLATFORMS
  arm64-darwin-22

DEPENDENCIES
  liquid-validations!
  minitest
  rake
  sqlite3

BUNDLED WITH
   2.4.17
